GEM
  remote: http://rubygems.org/
  specs:
    json (1.8.3)
    mime-types (1.25.1)
    rack (1.6.4)
    rack-protection (1.5.3)
      rack
    rdoc (4.2.0)
    rest-client (1.6.8)
      mime-types (~> 1.16)
      rdoc (>= 2.4.2)
    rest-open-uri (1.0.0)
    rubygems-update (2.5.0)
    shotgun (0.9.1)
      rack (>= 1.0)
    sinatra (1.4.6)
      rack (~> 1.4)
      rack-protection (~> 1.4)
      tilt (>= 1.3, < 3)
    tilt (2.0.1)

PLATFORMS
  ruby

DEPENDENCIES
  bundler
  json
  rest-client
  rest-open-uri
  rubygems-update
  shotgun
  sinatra

BUNDLED WITH
   1.10.6
